GEM
  remote: http://rubygems.org/
  specs:
    activesupport (2.3.5)

PLATFORMS
  ruby

DEPENDENCIES
  activesupport (= 2.3.5)
