GEM
  remote: http://rubygems.org/
  specs:
    activesupport (2.3.5)
    chronic (0.6.7)
    whenever (0.7.3)
      activesupport (>= 2.3.4)
      chronic (~> 0.6.3)

PLATFORMS
  ruby

DEPENDENCIES
  activesupport (= 2.3.5)
  whenever
